PATH
  remote: .
  specs:
    s3 (0.3.8)
      proxies (~> 0.2.0)

GEM
  remote: http://rubygems.org/
  specs:
    metaclass (0.0.1)
    mocha (0.10.0)
      metaclass (~> 0.0.1)
    proxies (0.2.1)
    test-unit (2.3.2)

PLATFORMS
  ruby

DEPENDENCIES
  bundler (>= 1.0.0)
  mocha
  s3!
  test-unit (>= 2.0)
